PATH
  remote: .
  specs:
    background_lite (0.4)
      activesupport (>= 2.3.0)

GEM
  remote: http://rubygems.org/
  specs:
    activemodel (3.2.12)
      activesupport (= 3.2.12)
      builder (~> 3.0.0)
    activerecord (3.2.12)
      activemodel (= 3.2.12)
      activesupport (= 3.2.12)
      arel (~> 3.0.2)
      tzinfo (~> 0.3.29)
    activesupport (3.2.12)
      i18n (~> 0.6)
      multi_json (~> 1.0)
    arel (3.0.2)
    builder (3.0.4)
    gemmer (0.1.2)
    i18n (0.6.4)
    json (1.7.7)
    metaclass (0.0.1)
    minitest (4.6.2)
    mocha (0.13.3)
      metaclass (~> 0.0.1)
    multi_json (1.6.1)
    rake (10.0.3)
    rdoc (4.0.0)
      json (~> 1.4)
    tzinfo (0.3.37)

PLATFORMS
  ruby

DEPENDENCIES
  activerecord (~> 3.2.12)
  background_lite!
  gemmer
  minitest (~> 4.5)
  mocha (~> 0.13.3)
  rake (~> 10.0.3)
  rdoc
